NUGET
  remote: https://nuget.org/api/v2
  specs:
    FAKE (3.17.12)
    FSharp.Compiler.Service (0.0.82)
    FSharp.Core (3.1.2.1)
    FSharp.Formatting (2.7.4)
      FSharp.Compiler.Service (>= 0.0.82)
      FSharpVSPowerTools.Core (>= 1.7.0)
    FSharpVSPowerTools.Core (1.7.0)
      FSharp.Compiler.Service (>= 0.0.81)
    Microsoft.Bcl (1.1.10)
      Microsoft.Bcl.Build (>= 1.0.14)
    Microsoft.Bcl.Build (1.0.21)
    Microsoft.Net.Http (2.2.29)
      Microsoft.Bcl (>= 1.1.10)
      Microsoft.Bcl.Build (>= 1.0.14)
    NUnit (2.6.4)
    NUnit.Runners (2.6.4)
    Octokit (0.7.1)
      Microsoft.Net.Http
    SourceLink.Fake (0.4.2)
GITHUB
  remote: fsharp/FAKE
  specs:
    modules/Octokit/Octokit.fsx (6121573ff1b6954c46ff8f618b6912744d02ae31)
      Octokit
